GIT
  remote: https://github.com/Shopify/protoboeuf.git
  revision: 0ae70116c5bcb52ac09530ad1d6056786b9fef0c
  ref: davebenvenuti/make-require-protoboeuf-work
  specs:
    protoboeuf (0.1.0)
      syntax_tree (~> 6.2)

GEM
  remote: https://rubygems.org/
  specs:
    prettier_print (1.2.1)
    syntax_tree (6.2.0)
      prettier_print (>= 1.2.0)

PLATFORMS
  arm64-darwin-23
  ruby

DEPENDENCIES
  protoboeuf!

BUNDLED WITH
   2.5.11
